GEM
  remote: https://rubygems.org/
  specs:
    cnpj_utils (1.2.0)
    cpf_utils (1.3.1)
    documentos_br (1.1.0)
      cnpj_utils (~> 1.2.0)
      cpf_utils (~> 1.3.0)
      titulo_eleitor_utils (~> 1.1.0)
    nokogiri (1.11.3-x64-mingw32)
      racc (~> 1.4)
    os (1.1.1)
    racc (1.5.2)
    titulo_eleitor_utils (1.1.0)

PLATFORMS
  x64-mingw32

DEPENDENCIES
  documentos_br
  nokogiri
  os

BUNDLED WITH
   2.2.16
